GIT
  remote: https://github.com/mislav/will_paginate.git
  revision: 2c11a6cda44ff5afd51d28043c470831f7e00050
  specs:
    will_paginate (4.0.0)

GIT
  remote: https://github.com/prawnpdf/prawn.git
  revision: bae682d829fd7130c8676da48be1875d09c84428
  specs:
    prawn (2.4.0)
      matrix (~> 0.4)
      pdf-core (~> 0.9.0)
      ttfunk (~> 1.7)

GIT
  remote: https://github.com/q9f/omniauth-ethereum.rb.git
  revision: db34570f4ec7b6ab8ca1358b762c3a1435eb6f04
  specs:
    omniauth-ethereum (0.2.1)
      eth (~> 0.5)
      omniauth (~> 2.1)

GIT
  remote: https://github.com/quiknode-labs/coinbase-commerce-ruby.git
  revision: 500704ed9f01e5b391aab3575c997830bdde8fb6
  specs:
    coinbase_commerce (0.8.7)
      faraday (~> 2.7.0)
      faraday-multipart (~> 1.0.4)

GIT
  remote: https://github.com/stephenreid321/activate-admin.git
  revision: 87835375e7c57390838b0ce076cf1165f8ca55c8
  specs:
    activate-admin (0.0.18)
      activate-tools
      erubi
      padrino
      will_paginate

GIT
  remote: https://github.com/stephenreid321/activate-tools.git
  revision: 887dd3bbf2ea94260ec9c2400c6e69a3363240f4
  specs:
    activate-tools (0.0.20)
      padrino

GIT
  remote: https://github.com/stephenreid321/money-uphold-bank.git
  revision: 55cd6f1db35f754cb51fdc97cc77f48ed82fff19
  specs:
    money-uphold-bank (0.0.6)
      money (~> 6.12)

GEM
  remote: https://rubygems.org/
  specs:
    actionview (7.0.8)
      activesupport (= 7.0.8)
      builder (~> 3.1)
      erubi (~> 1.4)
      rails-dom-testing (~> 2.0)
      rails-html-sanitizer (~> 1.1, >= 1.2.0)
    activemodel (7.0.8)
      activesupport (= 7.0.8)
    activesupport (7.0.8)
      concurrent-ruby (~> 1.0, >= 1.0.2)
      i18n (>= 1.6, < 2)
      minitest (>= 5.1)
      tzinfo (~> 2.0)
    addressable (2.8.6)
      public_suffix (>= 2.0.2, < 6.0)
    airbrake (13.0.4)
      airbrake-ruby (~> 6.0)
    airbrake-ruby (6.2.2)
      rbtree3 (~> 0.6)
    airrecord (1.0.12)
      faraday (>= 1.0, < 3.0)
      faraday-net_http_persistent
      net-http-persistent
    ast (2.4.2)
    base64 (0.2.0)
    bazaar (0.0.2)
    bcrypt (3.1.20)
    bech32 (1.4.2)
      thor (>= 1.1.0)
    better_html (2.0.2)
      actionview (>= 6.0)
      activesupport (>= 6.0)
      ast (~> 2.0)
      erubi (~> 1.4)
      parser (>= 2.4)
      smart_properties
    bson (4.15.0)
    builder (3.2.4)
    capybara (3.40.0)
      addressable
      matrix
      mini_mime (>= 0.1.3)
      nokogiri (~> 1.11)
      rack (>= 1.6.0)
      rack-test (>= 0.6.3)
      regexp_parser (>= 1.5, < 3.0)
      xpath (~> 3.2)
    chroma (0.2.0)
    chunky_png (1.4.0)
    concurrent-ruby (1.2.3)
    connection_pool (2.4.1)
    countries (6.0.0)
      unaccent (~> 0.3)
    crass (1.0.6)
    crawler_detect (1.2.3)
      qonfig (~> 0.24)
    css_parser (1.16.0)
      addressable
    cuprite (0.15)
      capybara (~> 3.0)
      ferrum (~> 0.14.0)
    date (3.3.4)
    delayed_job (4.1.11)
      activesupport (>= 3.0, < 8.0)
    delayed_job_mongoid (3.0.0)
      delayed_job (>= 3.0, < 5)
      mongoid (>= 5.0)
    digest (3.1.1)
    domain_name (0.6.20240107)
    dragonfly (1.4.0)
      addressable (~> 2.3)
      multi_json (~> 1.0)
      rack (>= 1.3)
    dragonfly-s3_data_store (1.3.0)
      dragonfly (~> 1.0)
      fog-aws
    email_address (0.2.4)
      simpleidn
    erb_lint (0.5.0)
      activesupport
      better_html (>= 2.0.1)
      parser (>= 2.7.1.4)
      rainbow
      rubocop
      smart_properties
    erubi (1.12.0)
    eth (0.5.11)
      forwardable (~> 1.3)
      keccak (~> 1.3)
      konstructor (~> 1.0)
      openssl (>= 2.2, < 4.0)
      rbsecp256k1 (~> 6.0)
      scrypt (~> 3.0)
    eu_central_bank (1.7.0)
      money (~> 6.13, >= 6.13.6)
      nokogiri (~> 1.9)
    event_stream_parser (1.0.0)
    excon (0.109.0)
    factory_bot (6.4.6)
      activesupport (>= 5.0.0)
    faraday (2.7.12)
      base64
      faraday-net_http (>= 2.0, < 3.1)
      ruby2_keywords (>= 0.0.4)
    faraday-multipart (1.0.4)
      multipart-post (~> 2)
    faraday-net_http (3.0.2)
    faraday-net_http_persistent (2.1.0)
      faraday (~> 2.5)
      net-http-persistent (~> 4.0)
    ferrum (0.14)
      addressable (~> 2.5)
      concurrent-ruby (~> 1.1)
      webrick (~> 1.7)
      websocket-driver (>= 0.6, < 0.8)
    ffi (1.16.3)
    ffi-compiler (1.0.1)
      ffi (>= 1.0.0)
      rake
    fog-aws (3.21.0)
      fog-core (~> 2.1)
      fog-json (~> 1.1)
      fog-xml (~> 0.1)
    fog-core (2.4.0)
      builder
      excon (~> 0.71)
      formatador (>= 0.2, < 2.0)
      mime-types
    fog-json (1.2.0)
      fog-core
      multi_json (~> 1.10)
    fog-xml (0.1.4)
      fog-core
      nokogiri (>= 1.5.11, < 2.0.0)
    formatador (1.1.0)
    forwardable (1.3.3)
    geocoder (1.8.2)
    gocardless_pro (2.54.0)
      faraday (>= 2, < 3)
    hashie (5.0.0)
    html_truncator (0.4.2)
      nokogiri (~> 1.5)
    htmlentities (4.3.4)
    http (5.2.0)
      addressable (~> 2.8)
      base64 (~> 0.1)
      http-cookie (~> 1.0)
      http-form_data (~> 2.2)
      llhttp-ffi (~> 0.5.0)
    http-accept (1.7.0)
    http-cookie (1.0.5)
      domain_name (~> 0.5)
    http-form_data (2.3.0)
    i18n (1.14.1)
      concurrent-ruby (~> 1.0)
    icalendar (2.10.1)
      ice_cube (~> 0.16)
    ice_cube (0.16.4)
    incoming (0.2.0)
      mail (~> 2.4)
      rack
    io-console (0.7.2)
    irb (1.11.2)
      rdoc
      reline (>= 0.4.2)
    json (2.7.1)
    json-api-vanilla (1.0.4)
    jwt (2.8.0)
      base64
    keccak (1.3.1)
    konstructor (1.0.2)
    language_server-protocol (3.17.0.3)
    llhttp-ffi (0.5.0)
      ffi-compiler (~> 1.0)
      rake (~> 13.0)
    loofah (2.22.0)
      crass (~> 1.0.2)
      nokogiri (>= 1.12.0)
    mail (2.8.1)
      mini_mime (>= 0.1.1)
      net-imap
      net-pop
      net-smtp
    mailgun-ruby (1.2.14)
      rest-client (>= 2.0.2)
    matrix (0.4.2)
    maxmind-db (1.2.0)
    maxmind-geoip2 (1.2.0)
      connection_pool (~> 2.2)
      http (>= 4.3, < 6.0)
      maxmind-db (~> 1.2)
    mechanize (2.10.0)
      addressable (~> 2.8)
      base64
      domain_name (~> 0.5, >= 0.5.20190701)
      http-cookie (~> 1.0, >= 1.0.3)
      mime-types (~> 3.0)
      net-http-digest_auth (~> 1.4, >= 1.4.1)
      net-http-persistent (>= 2.5.2, < 5.0.dev)
      nkf
      nokogiri (~> 1.11, >= 1.11.2)
      rubyntlm (~> 0.6, >= 0.6.3)
      webrick (~> 1.7)
      webrobots (~> 0.1.2)
    mime-types (3.5.2)
      mime-types-data (~> 3.2015)
    mime-types-data (3.2024.0206)
    mini_magick (4.12.0)
    mini_mime (1.1.5)
    mini_portile2 (2.8.5)
    minitest (5.22.2)
    minitest-rg (5.3.0)
      minitest (~> 5.0)
    moneta (1.1.1)
    money (6.16.0)
      i18n (>= 0.6.4, <= 2)
    mongo (2.19.3)
      bson (>= 4.14.1, < 5.0.0)
    mongoid (7.5.4)
      activemodel (>= 5.1, < 7.1, != 7.0.0)
      mongo (>= 2.10.5, < 3.0.0)
      ruby2_keywords (~> 0.0.5)
    mongoid_paranoia (0.6.0)
      mongoid (>= 7.3)
    multi_json (1.15.0)
    multi_xml (0.6.0)
    multipart-post (2.4.1)
    mustermann (3.0.0)
      ruby2_keywords (~> 0.0.1)
    net-http-digest_auth (1.4.1)
    net-http-persistent (4.0.2)
      connection_pool (~> 2.2)
    net-imap (0.4.10)
      date
      net-protocol
    net-pop (0.1.2)
      net-protocol
    net-protocol (0.2.2)
      timeout
    net-smtp (0.4.0.1)
      net-protocol
    netrc (0.11.0)
    nio4r (2.7.0)
    nkf (0.2.0)
    nokogiri (1.16.2)
      mini_portile2 (~> 2.8.2)
      racc (~> 1.4)
    oauth2 (2.0.9)
      faraday (>= 0.17.3, < 3.0)
      jwt (>= 1.0, < 3.0)
      multi_xml (~> 0.5)
      rack (>= 1.2, < 4)
      snaky_hash (~> 2.0)
      version_gem (~> 1.1)
    omniauth (2.1.2)
      hashie (>= 3.4.6)
      rack (>= 2.2.3)
      rack-protection
    omniauth-google-oauth2 (1.1.1)
      jwt (>= 2.0)
      oauth2 (~> 2.0.6)
      omniauth (~> 2.0)
      omniauth-oauth2 (~> 1.8.0)
    omniauth-oauth2 (1.8.0)
      oauth2 (>= 1.4, < 3)
      omniauth (~> 2.0)
    openssl (3.2.0)
    padrino (0.15.3)
      padrino-admin (= 0.15.3)
      padrino-cache (= 0.15.3)
      padrino-core (= 0.15.3)
      padrino-gen (= 0.15.3)
      padrino-helpers (= 0.15.3)
      padrino-mailer (= 0.15.3)
      padrino-support (= 0.15.3)
    padrino-admin (0.15.3)
      padrino-core (= 0.15.3)
      padrino-helpers (= 0.15.3)
    padrino-cache (0.15.3)
      moneta (~> 1.1.0)
      padrino-core (= 0.15.3)
      padrino-helpers (= 0.15.3)
    padrino-core (0.15.3)
      padrino-support (= 0.15.3)
      sinatra (>= 2.2.4)
      thor (~> 1.0)
    padrino-gen (0.15.3)
      bundler (>= 1.0, < 3)
      padrino-core (= 0.15.3)
    padrino-helpers (0.15.3)
      i18n (>= 0.6.7, < 2)
      padrino-support (= 0.15.3)
      tilt (>= 1.4.1, < 3)
    padrino-mailer (0.15.3)
      mail (~> 2.5)
      mime-types (< 4)
      padrino-core (= 0.15.3)
    padrino-support (0.15.3)
    parallel (1.24.0)
    parser (3.3.0.5)
      ast (~> 2.4.1)
      racc
    patreon (0.5.0)
      json-api-vanilla (~> 1.0.1)
      rack
    pdf-core (0.9.0)
    pkg-config (1.5.6)
    prawn-qrcode (0.5.2)
      prawn (>= 1)
      rqrcode (>= 1.0.0)
    prawn-table (0.2.2)
      prawn (>= 1.3.0, < 3.0.0)
    premailer (1.22.0)
      addressable
      css_parser (>= 1.12.0)
      htmlentities (>= 4.0.0)
    psych (5.2.1)
      date
      stringio
    public_suffix (5.0.4)
    puma (6.4.2)
      nio4r (~> 2.0)
    qonfig (0.28.0)
    racc (1.7.3)
    rack (2.2.10)
    rack-cors (2.0.2)
      rack (>= 2.0.0)
    rack-protection (3.2.0)
      base64 (>= 0.1.0)
      rack (~> 2.2, >= 2.2.4)
    rack-test (2.1.0)
      rack (>= 1.3)
    rack-utf8_sanitizer (1.9.1)
      rack (>= 1.0, < 4.0)
    rack_session_access (0.2.0)
      builder (>= 2.0.0)
      rack (>= 1.0.0)
    rails-dom-testing (2.2.0)
      activesupport (>= 5.0.0)
      minitest
      nokogiri (>= 1.6)
    rails-html-sanitizer (1.6.0)
      loofah (~> 2.21)
      nokogiri (~> 1.14)
    rainbow (3.1.1)
    rake (13.1.0)
    rb-fsevent (0.11.2)
    rb-inotify (0.10.1)
      ffi (~> 1.0)
    rbsecp256k1 (6.0.0)
      mini_portile2 (~> 2.8)
      pkg-config (~> 1.5)
      rubyzip (~> 2.3)
    rbtree3 (0.7.1)
    rdoc (6.6.3.1)
      psych (>= 4.0.0)
    redcarpet (3.6.0)
    regexp_parser (2.9.0)
    reline (0.4.2)
      io-console (~> 0.5)
    rest-client (2.1.0)
      http-accept (>= 1.7.0, < 2.0)
      http-cookie (>= 1.0.2, < 2.0)
      mime-types (>= 1.16, < 4.0)
      netrc (~> 0.8)
    rexml (3.3.9)
    rinku (2.0.6)
    rqrcode (2.2.0)
      chunky_png (~> 1.0)
      rqrcode_core (~> 1.0)
    rqrcode_core (1.2.0)
    rubocop (1.60.2)
      json (~> 2.3)
      language_server-protocol (>= 3.17.0)
      parallel (~> 1.10)
      parser (>= 3.3.0.2)
      rainbow (>= 2.2.2, < 4.0)
      regexp_parser (>= 1.8, < 3.0)
      rexml (>= 3.2.5, < 4.0)
      rubocop-ast (>= 1.30.0, < 2.0)
      ruby-progressbar (~> 1.7)
      unicode-display_width (>= 2.4.0, < 3.0)
    rubocop-ast (1.30.0)
      parser (>= 3.2.1.0)
    ruby-openai (7.1.0)
      event_stream_parser (>= 0.3.0, < 2.0.0)
      faraday (>= 1)
      faraday-multipart (>= 1)
    ruby-progressbar (1.13.0)
    ruby2_keywords (0.0.5)
    rubyntlm (0.6.3)
    rubyzip (2.3.2)
    sanitize (6.1.0)
      crass (~> 1.0.2)
      nokogiri (>= 1.12.0)
    sass (3.7.4)
      sass-listen (~> 4.0.0)
    sass-listen (4.0.0)
      rb-fsevent (~> 0.9, >= 0.9.4)
      rb-inotify (~> 0.9, >= 0.9.7)
    scrypt (3.0.7)
      ffi-compiler (>= 1.0, < 2.0)
    simpleidn (0.2.1)
      unf (~> 0.1.4)
    sinatra (3.2.0)
      mustermann (~> 3.0)
      rack (~> 2.2, >= 2.2.4)
      rack-protection (= 3.2.0)
      tilt (~> 2.0)
    smart_properties (1.17.0)
    snaky_hash (2.0.1)
      hashie
      version_gem (~> 1.1, >= 1.1.1)
    stringio (3.1.2)
    stripe (10.9.0)
    strong_password (0.0.10)
    thor (1.3.0)
    tilt (2.3.0)
    timeout (0.4.1)
    timezone (1.3.25)
    ttfunk (1.7.0)
    tzinfo (2.0.6)
      concurrent-ruby (~> 1.0)
    tzinfo-data (1.2024.1)
      tzinfo (>= 1.0.0)
    unaccent (0.4.0)
    unf (0.1.4)
      unf_ext
    unf_ext (0.0.9.1)
    unicode-display_width (2.5.0)
    version_gem (1.1.3)
    webrick (1.9.1)
    webrobots (0.1.2)
    websocket-driver (0.7.6)
      websocket-extensions (>= 0.1.0)
    websocket-extensions (0.1.5)
    xpath (3.2.0)
      nokogiri (~> 1.8)
    yt (0.33.4)
      activesupport

PLATFORMS
  ruby

DEPENDENCIES
  activate-admin!
  activate-tools!
  activemodel
  activesupport (~> 7.0.8)
  addressable
  airbrake
  airrecord
  bazaar
  bcrypt
  bech32
  better_html
  capybara
  chroma
  coinbase_commerce!
  countries
  crawler_detect
  cuprite (~> 0.15)
  delayed_job_mongoid
  digest
  dragonfly
  dragonfly-s3_data_store
  email_address
  erb_lint
  eu_central_bank
  factory_bot
  faraday
  ferrum
  geocoder
  gocardless_pro
  html_truncator
  icalendar
  incoming
  irb
  jwt
  mail
  mailgun-ruby
  matrix
  maxmind-geoip2
  mechanize
  mini_magick
  minitest-rg
  money
  money-uphold-bank!
  mongoid (~> 7.0)
  mongoid_paranoia
  omniauth
  omniauth-ethereum!
  omniauth-google-oauth2
  padrino
  patreon
  prawn!
  prawn-qrcode
  prawn-table
  premailer
  puma
  rack (~> 2.0)
  rack-cors
  rack-utf8_sanitizer
  rack_session_access
  rake
  redcarpet
  rinku
  rqrcode
  rubocop
  ruby-openai
  sanitize
  sass
  sinatra
  stripe
  strong_password
  timezone
  tzinfo-data
  will_paginate!
  yt

RUBY VERSION
   ruby 3.2.3p157

BUNDLED WITH
   2.4.6
